PATH
  remote: .
  specs:
    freeagentrb (0.1.0)
      faraday (~> 2.11)
      faraday-multipart (~> 1.0)

GEM
  remote: https://rubygems.org/
  specs:
    dotenv (3.1.7)
    faraday (2.12.2)
      faraday-net_http (>= 2.0, < 3.5)
      json
      logger
    faraday-multipart (1.1.0)
      multipart-post (~> 2.0)
    faraday-net_http (3.4.0)
      net-http (>= 0.5.0)
    json (2.9.1)
    logger (1.6.5)
    multipart-post (2.4.1)
    net-http (0.6.0)
      uri
    rake (13.2.1)
    uri (1.0.2)

PLATFORMS
  x86_64-linux

DEPENDENCIES
  dotenv
  freeagentrb!
  rake (~> 13.0)

BUNDLED WITH
   2.6.3
